GEM
  remote: http://rubygems.org/
  specs:
    backports (2.6.5)
    builder (3.1.4)
    cgi_multipart_eof_fix (2.5.0)
    daemons (1.1.9)
    eventmachine (1.0.0)
    fastthread (1.0.7)
    gem_plugin (0.2.3)
    haml (3.1.7)
    mongrel (1.1.5)
      cgi_multipart_eof_fix (>= 2.4)
      daemons (>= 1.0.3)
      fastthread (>= 1.0.1)
      gem_plugin (>= 0.2.3)
    rack (1.4.1)
    rack-protection (1.3.2)
      rack
    rack-test (0.6.2)
      rack (>= 1.0)
    ruby-mysql (2.9.10)
    sinatra (1.3.3)
      rack (~> 1.3, >= 1.3.6)
      rack-protection (~> 1.2)
      tilt (~> 1.3, >= 1.3.3)
    sinatra-contrib (1.3.2)
      backports (>= 2.0)
      eventmachine
      rack-protection
      rack-test
      sinatra (~> 1.3.0)
      tilt (~> 1.3)
    sinatra-session (1.0.0)
      sinatra (>= 1.0)
    tilt (1.3.3)

PLATFORMS
  ruby

DEPENDENCIES
  builder
  haml
  mongrel
  ruby-mysql
  sinatra
  sinatra-contrib
  sinatra-session
