GEM
  remote: http://rubygems.org/
  specs:
    addressable (2.2.8)
    backports (2.6.5)
    builder (3.1.4)
    daemons (1.1.9)
    data_objects (0.10.10)
      addressable (~> 2.1)
    dm-aggregates (1.2.0)
      dm-core (~> 1.2.0)
    dm-core (1.2.0)
      addressable (~> 2.2.6)
    dm-do-adapter (1.2.0)
      data_objects (~> 0.10.6)
      dm-core (~> 1.2.0)
    dm-mysql-adapter (1.2.0)
      dm-do-adapter (~> 1.2.0)
      do_mysql (~> 0.10.6)
    do_mysql (0.10.10)
      data_objects (= 0.10.10)
    do_mysql (0.10.10-x86-mingw32)
      data_objects (= 0.10.10)
    eventmachine (1.0.0)
    eventmachine (1.0.0-x86-mingw32)
    haml (3.1.7)
    rack (1.4.1)
    rack-protection (1.3.2)
      rack
    rack-test (0.6.2)
      rack (>= 1.0)
    sinatra (1.3.3)
      rack (~> 1.3, >= 1.3.6)
      rack-protection (~> 1.2)
      tilt (~> 1.3, >= 1.3.3)
    sinatra-contrib (1.3.2)
      backports (>= 2.0)
      eventmachine
      rack-protection
      rack-test
      sinatra (~> 1.3.0)
      tilt (~> 1.3)
    sinatra-session (1.0.0)
      sinatra (>= 1.0)
    thin (1.2.11-x86-mingw32)
      daemons (>= 1.0.9)
      eventmachine (>= 0.12.6)
      rack (>= 1.0.0)
    tilt (1.3.3)

PLATFORMS
  ruby
  x86-mingw32

DEPENDENCIES
  builder (= 3.1.4)
  dm-aggregates (= 1.2.0)
  dm-core (= 1.2.0)
  dm-mysql-adapter (= 1.2.0)
  haml (= 3.1.7)
  sinatra (= 1.3.3)
  sinatra-contrib (= 1.3.2)
  sinatra-session (= 1.0.0)
  thin (= 1.2.11)
  unicorn (= 4.5.0)
